PATH
  remote: .
  specs:
    nurego (1.1.23)
      cf-uaa-lib (= 1.3.10)
      mime-types (~> 1.25)
      multi_json (>= 1.0.4, < 2)
      rest-client (~> 1.4)

GEM
  remote: https://rubygems.org/
  specs:
    builder (3.2.3)
    cf-uaa-lib (1.3.10)
      multi_json
    ci_reporter (2.0.0)
      builder (>= 2.1.2)
    diff-lcs (1.3)
    docile (1.3.1)
    domain_name (0.5.20180417)
      unf (>= 0.0.5, < 1.0.0)
    http-cookie (1.0.3)
      domain_name (~> 0.5)
    json (2.1.0)
    mime-types (1.25.1)
    multi_json (1.13.1)
    netrc (0.11.0)
    rack (2.0.6)
    rack-test (1.1.0)
      rack (>= 1.0, < 3)
    rake (12.3.2)
    rest-client (1.8.0)
      http-cookie (>= 1.0.2, < 2.0)
      mime-types (>= 1.16, < 3.0)
      netrc (~> 0.7)
    rspec (3.8.0)
      rspec-core (~> 3.8.0)
      rspec-expectations (~> 3.8.0)
      rspec-mocks (~> 3.8.0)
    rspec-core (3.8.0)
      rspec-support (~> 3.8.0)
    rspec-expectations (3.8.2)
      diff-lcs (>= 1.2.0, < 2.0)
      rspec-support (~> 3.8.0)
    rspec-mocks (3.8.0)
      diff-lcs (>= 1.2.0, < 2.0)
      rspec-support (~> 3.8.0)
    rspec-support (3.8.0)
    simplecov (0.16.1)
      docile (~> 1.1)
      json (>= 1.8, < 3)
      simplecov-html (~> 0.10.0)
    simplecov-csv (0.1.3)
      simplecov
    simplecov-html (0.10.2)
    simplecov-rcov (0.2.3)
      simplecov (>= 0.4.1)
    unf (0.1.4)
      unf_ext
    unf_ext (0.0.7.5)
    uuidtools (2.1.5)

PLATFORMS
  ruby

DEPENDENCIES
  ci_reporter
  nurego!
  rack-test
  rake
  rspec
  simplecov
  simplecov-csv
  simplecov-rcov
  uuidtools

BUNDLED WITH
   1.17.1
