PATH
  remote: .
  specs:
    nurego (1.1.22)
      cf-uaa-lib (= 1.3.10)
      mime-types (~> 1.25)
      multi_json (>= 1.0.4, < 2)
      rest-client (~> 1.4)

GEM
  remote: https://rubygems.org/
  specs:
    builder (3.2.2)
    cf-uaa-lib (1.3.10)
      multi_json
    ci_reporter (1.9.2)
      builder (>= 2.1.2)
    diff-lcs (1.2.5)
    docile (1.1.3)
    domain_name (0.5.20180417)
      unf (>= 0.0.5, < 1.0.0)
    http-cookie (1.0.3)
      domain_name (~> 0.5)
    mime-types (1.25.1)
    multi_json (1.11.2)
    netrc (0.11.0)
    rack (1.5.2)
    rack-test (0.6.2)
      rack (>= 1.0)
    rake (10.3.1)
    rest-client (1.8.0)
      http-cookie (>= 1.0.2, < 2.0)
      mime-types (>= 1.16, < 3.0)
      netrc (~> 0.7)
    rspec (2.14.1)
      rspec-core (~> 2.14.0)
      rspec-expectations (~> 2.14.0)
      rspec-mocks (~> 2.14.0)
    rspec-core (2.14.8)
    rspec-expectations (2.14.5)
      diff-lcs (>= 1.1.3, < 2.0)
    rspec-mocks (2.14.6)
    simplecov (0.8.2)
      docile (~> 1.1.0)
      multi_json
      simplecov-html (~> 0.8.0)
    simplecov-csv (0.1.3)
      simplecov
    simplecov-html (0.8.0)
    simplecov-rcov (0.2.3)
      simplecov (>= 0.4.1)
    unf (0.1.4)
      unf_ext
    unf_ext (0.0.7.5)
    uuidtools (2.1.4)

PLATFORMS
  ruby

DEPENDENCIES
  ci_reporter
  nurego!
  rack-test
  rake
  rspec
  simplecov
  simplecov-csv
  simplecov-rcov
  uuidtools

BUNDLED WITH
   1.15.1
